GEM
  remote: https://rubygems.org/
  specs:
    apfel (0.0.5)

PLATFORMS
  x86_64-darwin-21

DEPENDENCIES
  apfel

BUNDLED WITH
   2.2.3
